PATH
  remote: .
  specs:
    filter_decrufter (0.0.1)

GEM
  remote: https://rubygems.org/
  specs:
    byebug (3.5.1)
      columnize (~> 0.8)
      debugger-linecache (~> 1.2)
      slop (~> 3.6)
    columnize (0.9.0)
    debugger-linecache (1.2.0)
    minitest (5.5.1)
    rake (10.4.2)
    slop (3.6.0)

PLATFORMS
  ruby

DEPENDENCIES
  byebug (~> 3.5)
  filter_decrufter!
  minitest (~> 5.0)
  rake (~> 10.1)
