PATH
  remote: .
  specs:
    filter_decrufter (0.0.4)

GEM
  remote: https://rubygems.org/
  specs:
    minitest (5.5.1)
    rake (10.4.2)

PLATFORMS
  ruby

DEPENDENCIES
  filter_decrufter!
  minitest (~> 5.0)
  rake (~> 10.1)
